PATH
  remote: .
  specs:
    red-chainer (0.4.1)
      numo-narray (>= 0.9.1.1)
      red-datasets (>= 0.0.6)

GEM
  remote: https://rubygems.org/
  specs:
    csv (3.1.1)
    numo-narray (0.9.1.5)
    power_assert (1.1.5)
    rake (10.5.0)
    red-datasets (0.0.9)
      csv (>= 3.0.5)
      rubyzip
    rubyzip (2.0.0)
    test-unit (3.3.4)
      power_assert
    yard (0.9.20)

PLATFORMS
  ruby

DEPENDENCIES
  bundler
  rake (~> 10.0)
  red-chainer!
  test-unit (>= 3.2.9)
  yard (>= 0.9.10)

BUNDLED WITH
   1.17.2
